GEM
  remote: https://rubygems.org/
  specs:
    line-bot-api (1.2.0)
    rack (1.6.8)
    rack-protection (1.5.3)
      rack
    sinatra (1.4.8)
      rack (~> 1.5)
      rack-protection (~> 1.4)
      tilt (>= 1.3, < 3)
    tilt (2.0.7)

PLATFORMS
  ruby

DEPENDENCIES
  line-bot-api
  sinatra

BUNDLED WITH
   1.15.1
